GEM
  remote: https://rubygems.org/
  specs:
    byebug (11.1.3)
    combinatorics (0.4.4)

PLATFORMS
  x86_64-darwin-19

DEPENDENCIES
  byebug
  combinatorics

BUNDLED WITH
   2.2.15
